PATH
  remote: .
  specs:
    graphed_fuzzy_search (0.2.3)

GEM
  remote: https://rubygems.org/
  specs:
    diff-lcs (1.3)
    rake (12.3.0)
    rspec (3.7.0)
      rspec-core (~> 3.7.0)
      rspec-expectations (~> 3.7.0)
      rspec-mocks (~> 3.7.0)
    rspec-core (3.7.0)
      rspec-support (~> 3.7.0)
    rspec-expectations (3.7.0)
      diff-lcs (>= 1.2.0, < 2.0)
      rspec-support (~> 3.7.0)
    rspec-mocks (3.7.0)
      diff-lcs (>= 1.2.0, < 2.0)
      rspec-support (~> 3.7.0)
    rspec-support (3.7.0)

PLATFORMS
  ruby

DEPENDENCIES
  bundler
  graphed_fuzzy_search!
  rake
  rspec (~> 3.0)

BUNDLED WITH
   1.16.1
